GEM
  specs:
    aws (2.5.8)
      http_connection
      http_connection
      uuidtools
      uuidtools
      xml-simple
      xml-simple
    coffee-script (2.2.0)
      coffee-script-source
      execjs
    coffee-script-source (1.3.3)
    execjs (1.4.0)
      multi_json (~> 1.0)
    growl (1.0.3)
    guard (1.3.3)
      listen (>= 0.4.2)
      thor (>= 0.14.6)
    guard-coffeescript (1.0.0)
      coffee-script (>= 2.2.0)
      guard (>= 1.1.0)
    http_connection (1.4.2)
    listen (0.5.1)
    multi_json (1.3.6)
    rb-fsevent (0.9.1)
    ruby_gntp (0.3.4)
    thor (0.16.0)
    uuidtools (2.1.2)
    xml-simple (1.1.1)

PLATFORMS
  ruby

DEPENDENCIES
  aws
  growl
  guard
  guard-coffeescript
  rb-fsevent
  ruby_gntp
